GEM
  remote: https://rubygems.org/
  specs:
    mini_exiftool (2.4.1)

PLATFORMS
  ruby

DEPENDENCIES
  mini_exiftool (~> 2.4.1)
